GEM
  remote: https://rubygems.org/
  specs:
    albacore (2.1.2)
      map (~> 6.5)
      nokogiri (~> 1.5)
      rake (~> 10)
      semver2 (~> 3.4)
    arr-pm (0.0.9)
      cabin (> 0)
    backports (3.6.3)
    cabin (0.6.1)
    childprocess (0.5.5)
      ffi (~> 1.0, >= 1.0.11)
    clamp (0.6.3)
    ffi (1.9.6)
    fpm (1.2.0)
      arr-pm (~> 0.0.9)
      backports (>= 2.6.2)
      cabin (>= 0.6.0)
      childprocess
      clamp (~> 0.6)
      ffi
      json (>= 1.7.7)
    json (1.8.1)
    map (6.5.5)
    mini_portile (0.6.0)
    nokogiri (1.6.3.1)
      mini_portile (= 0.6.0)
    rake (10.3.2)
    semver2 (3.4.0)

PLATFORMS
  ruby

DEPENDENCIES
  albacore (~> 2.1.2)
  fpm
